GEM
  remote: https://rubygems.org/
  specs:
    activemodel (4.2.0)
      activesupport (= 4.2.0)
      builder (~> 3.1)
    activesupport (4.2.0)
      i18n (~> 0.7)
      json (~> 1.7, >= 1.7.7)
      minitest (~> 5.1)
      thread_safe (~> 0.3, >= 0.3.4)
      tzinfo (~> 1.1)
    builder (3.2.2)
    coderay (1.1.0)
    faraday (0.9.1)
      multipart-post (>= 1.2, < 3)
    her (0.7.3)
      activemodel (>= 3.0.0, <= 4.2)
      activesupport (>= 3.0.0, <= 4.2)
      faraday (>= 0.8, < 1.0)
      multi_json (~> 1.7)
    i18n (0.7.0)
    json (1.8.2)
    method_source (0.8.2)
    minitest (5.5.1)
    multi_json (1.10.1)
    multipart-post (2.0.0)
    pry (0.10.1)
      coderay (~> 1.1.0)
      method_source (~> 0.8.1)
      slop (~> 3.4)
    slop (3.6.0)
    thread_safe (0.3.4)
    tzinfo (1.2.2)
      thread_safe (~> 0.1)

PLATFORMS
  ruby

DEPENDENCIES
  faraday
  her
  pry
